GEM
  remote: https://rubygems.org/
  specs:
    actioncable (5.2.3)
      actionpack (= 5.2.3)
      nio4r (~> 2.0)
      websocket-driver (>= 0.6.1)
    actionmailer (5.2.3)
      actionpack (= 5.2.3)
      actionview (= 5.2.3)
      activejob (= 5.2.3)
      mail (~> 2.5, >= 2.5.4)
      rails-dom-testing (~> 2.0)
    actionpack (5.2.3)
      actionview (= 5.2.3)
      activesupport (= 5.2.3)
      rack (~> 2.0)
      rack-test (>= 0.6.3)
      rails-dom-testing (~> 2.0)
      rails-html-sanitizer (~> 1.0, >= 1.0.2)
    actionview (5.2.3)
      activesupport (= 5.2.3)
      builder (~> 3.1)
      erubi (~> 1.4)
      rails-dom-testing (~> 2.0)
      rails-html-sanitizer (~> 1.0, >= 1.0.3)
    activejob (5.2.3)
      activesupport (= 5.2.3)
      globalid (>= 0.3.6)
    activemodel (5.2.3)
      activesupport (= 5.2.3)
    activerecord (5.2.3)
      activemodel (= 5.2.3)
      activesupport (= 5.2.3)
      arel (>= 9.0)
    activestorage (5.2.3)
      actionpack (= 5.2.3)
      activerecord (= 5.2.3)
      marcel (~> 0.3.1)
    activesupport (5.2.3)
      concurrent-ruby (~> 1.0, >= 1.0.2)
      i18n (>= 0.7, < 2)
      minitest (~> 5.1)
      tzinfo (~> 1.1)
    addressable (2.7.0)
      public_suffix (>= 2.0.2, < 5.0)
    archive-zip (0.12.0)
      io-like (~> 0.3.0)
    arel (9.0.0)
    ast (2.4.0)
    awesome_print (1.8.0)
    bcrypt (3.1.13)
    bindex (0.8.1)
    bootsnap (1.4.5)
      msgpack (~> 1.0)
    bootstrap3-rails (3.2.0)
      rails (>= 4.0.0)
    brakeman (4.6.1)
    builder (3.2.3)
    bullet (6.0.2)
      activesupport (>= 3.0.0)
      uniform_notifier (~> 1.11)
    byebug (11.0.1)
    capybara (3.29.0)
      addressable
      mini_mime (>= 0.1.3)
      nokogiri (~> 1.8)
      rack (>= 1.6.0)
      rack-test (>= 0.6.3)
      regexp_parser (~> 1.5)
      xpath (~> 3.2)
    childprocess (2.0.0)
      rake (< 13.0)
    choice (0.2.0)
    chromedriver-helper (2.1.1)
      archive-zip (~> 0.10)
      nokogiri (~> 1.8)
    code_analyzer (0.4.8)
      sexp_processor
    coderay (1.1.2)
    coffee-rails (4.2.2)
      coffee-script (>= 2.2.0)
      railties (>= 4.0.0)
    coffee-script (2.4.1)
      coffee-script-source
      execjs
    coffee-script-source (1.12.2)
    concurrent-ruby (1.1.5)
    crass (1.0.4)
    database_cleaner (1.7.0)
    devise (4.7.1)
      bcrypt (~> 3.0)
      orm_adapter (~> 0.1)
      railties (>= 4.1.0)
      responders
      warden (~> 1.2.3)
    devise-jwt (0.6.0)
      devise (~> 4.0)
      warden-jwt_auth (~> 0.4)
    diff-lcs (1.3)
    docile (1.3.2)
    dotenv (0.7.0)
    dry-auto_inject (0.6.1)
      dry-container (>= 0.3.4)
    dry-configurable (0.8.3)
      concurrent-ruby (~> 1.0)
      dry-core (~> 0.4, >= 0.4.7)
    dry-container (0.7.2)
      concurrent-ruby (~> 1.0)
      dry-configurable (~> 0.1, >= 0.1.3)
    dry-core (0.4.9)
      concurrent-ruby (~> 1.0)
    erubi (1.8.0)
    erubis (2.7.0)
    execjs (2.7.0)
    factory_bot (5.0.2)
      activesupport (>= 4.2.0)
    factory_bot_rails (5.0.2)
      factory_bot (~> 5.0.2)
      railties (>= 4.2.0)
    faker (2.4.0)
      i18n (~> 1.6.0)
    faraday (0.15.4)
      multipart-post (>= 1.2, < 3)
    ffaker (2.12.0)
    ffi (1.11.1)
    foreman (0.64.0)
      dotenv (~> 0.7.0)
      thor (>= 0.13.6)
    friendly_id (5.2.5)
      activerecord (>= 4.0.0)
    globalid (0.4.2)
      activesupport (>= 4.2.0)
    hashie (3.6.0)
    i18n (1.6.0)
      concurrent-ruby (~> 1.0)
    io-like (0.3.0)
    jaro_winkler (1.5.3)
    jbuilder (2.9.1)
      activesupport (>= 4.2.0)
    jquery-rails (4.3.5)
      rails-dom-testing (>= 1, < 3)
      railties (>= 4.2.0)
      thor (>= 0.14, < 2.0)
    json (2.2.0)
    jwt (2.2.1)
    listen (3.1.5)
      rb-fsevent (~> 0.9, >= 0.9.4)
      rb-inotify (~> 0.9, >= 0.9.7)
      ruby_dep (~> 1.2)
    loofah (2.2.3)
      crass (~> 1.0.2)
      nokogiri (>= 1.5.9)
    mail (2.7.1)
      mini_mime (>= 0.1.1)
    marcel (0.3.3)
      mimemagic (~> 0.3.2)
    meta_tags (0.3.0)
      sanitize
      truncate_html
    method_source (0.9.2)
    mimemagic (0.3.3)
    mini_mime (1.0.2)
    mini_portile2 (2.4.0)
    minitest (5.12.0)
    msgpack (1.3.1)
    multi_json (1.13.1)
    multi_xml (0.6.0)
    multipart-post (2.1.1)
    nio4r (2.5.1)
    nokogiri (1.10.4)
      mini_portile2 (~> 2.4.0)
    nokogumbo (2.0.1)
      nokogiri (~> 1.8, >= 1.8.4)
    oauth2 (1.4.1)
      faraday (>= 0.8, < 0.16.0)
      jwt (>= 1.0, < 3.0)
      multi_json (~> 1.3)
      multi_xml (~> 0.5)
      rack (>= 1.2, < 3)
    omniauth (1.9.0)
      hashie (>= 3.4.6, < 3.7.0)
      rack (>= 1.6.2, < 3)
    omniauth-facebook (5.0.0)
      omniauth-oauth2 (~> 1.2)
    omniauth-instagram (1.3.0)
      omniauth (~> 1)
      omniauth-oauth2 (~> 1)
    omniauth-oauth2 (1.6.0)
      oauth2 (~> 1.1)
      omniauth (~> 1.9)
    orm_adapter (0.5.0)
    parallel (1.17.0)
    parser (2.6.4.1)
      ast (~> 2.4.0)
    pry (0.12.2)
      coderay (~> 1.1.0)
      method_source (~> 0.9.0)
    pry-byebug (3.7.0)
      byebug (~> 11.0)
      pry (~> 0.10)
    pry-rails (0.3.9)
      pry (>= 0.10.4)
    public_suffix (4.0.1)
    puma (3.12.1)
    rack (2.0.8)
    rack-test (1.1.0)
      rack (>= 1.0, < 3)
    rails (5.2.3)
      actioncable (= 5.2.3)
      actionmailer (= 5.2.3)
      actionpack (= 5.2.3)
      actionview (= 5.2.3)
      activejob (= 5.2.3)
      activemodel (= 5.2.3)
      activerecord (= 5.2.3)
      activestorage (= 5.2.3)
      activesupport (= 5.2.3)
      bundler (>= 1.3.0)
      railties (= 5.2.3)
      sprockets-rails (>= 2.0.0)
    rails-dom-testing (2.0.3)
      activesupport (>= 4.2.0)
      nokogiri (>= 1.6)
    rails-erd (1.6.0)
      activerecord (>= 4.2)
      activesupport (>= 4.2)
      choice (~> 0.2.0)
      ruby-graphviz (~> 1.2)
    rails-html-sanitizer (1.2.0)
      loofah (~> 2.2, >= 2.2.2)
    rails_best_practices (1.19.4)
      activesupport
      code_analyzer (>= 0.4.8)
      erubis
      i18n
      json
      require_all (~> 2.0)
      ruby-progressbar
    railties (5.2.3)
      actionpack (= 5.2.3)
      activesupport (= 5.2.3)
      method_source
      rake (>= 0.8.7)
      thor (>= 0.19.0, < 2.0)
    rainbow (3.0.0)
    rake (12.3.3)
    rb-fsevent (0.10.3)
    rb-inotify (0.10.0)
      ffi (~> 1.0)
    regexp_parser (1.6.0)
    require_all (2.0.0)
    responders (3.0.0)
      actionpack (>= 5.0)
      railties (>= 5.0)
    rspec-core (3.8.2)
      rspec-support (~> 3.8.0)
    rspec-expectations (3.8.4)
      diff-lcs (>= 1.2.0, < 2.0)
      rspec-support (~> 3.8.0)
    rspec-mocks (3.8.1)
      diff-lcs (>= 1.2.0, < 2.0)
      rspec-support (~> 3.8.0)
    rspec-rails (3.8.2)
      actionpack (>= 3.0)
      activesupport (>= 3.0)
      railties (>= 3.0)
      rspec-core (~> 3.8.0)
      rspec-expectations (~> 3.8.0)
      rspec-mocks (~> 3.8.0)
      rspec-support (~> 3.8.0)
    rspec-support (3.8.2)
    rubocop (0.74.0)
      jaro_winkler (~> 1.5.1)
      parallel (~> 1.10)
      parser (>= 2.6)
      rainbow (>= 2.2.2, < 4.0)
      ruby-progressbar (~> 1.7)
      unicode-display_width (>= 1.4.0, < 1.7)
    ruby-graphviz (1.2.4)
    ruby-progressbar (1.10.1)
    ruby_dep (1.5.0)
    rubyzip (1.2.4)
    sanitize (5.1.0)
      crass (~> 1.0.2)
      nokogiri (>= 1.8.0)
      nokogumbo (~> 2.0)
    sass (3.7.4)
      sass-listen (~> 4.0.0)
    sass-listen (4.0.0)
      rb-fsevent (~> 0.9, >= 0.9.4)
      rb-inotify (~> 0.9, >= 0.9.7)
    sass-rails (5.1.0)
      railties (>= 5.2.0)
      sass (~> 3.1)
      sprockets (>= 2.8, < 4.0)
      sprockets-rails (>= 2.0, < 4.0)
      tilt (>= 1.1, < 3)
    selenium-webdriver (3.142.4)
      childprocess (>= 0.5, < 3.0)
      rubyzip (~> 1.2, >= 1.2.2)
    sexp_processor (4.12.1)
    shoulda (3.6.0)
      shoulda-context (~> 1.0, >= 1.0.1)
      shoulda-matchers (~> 3.0)
    shoulda-context (1.2.2)
    shoulda-matchers (3.1.3)
      activesupport (>= 4.0.0)
    simple_form (4.1.0)
      actionpack (>= 5.0)
      activemodel (>= 5.0)
    simplecov (0.17.1)
      docile (~> 1.1)
      json (>= 1.8, < 3)
      simplecov-html (~> 0.10.0)
    simplecov-html (0.10.2)
    spring (2.1.0)
    spring-watcher-listen (2.0.1)
      listen (>= 2.7, < 4.0)
      spring (>= 1.2, < 3.0)
    sprockets (3.7.2)
      concurrent-ruby (~> 1.0)
      rack (> 1, < 3)
    sprockets-rails (3.2.1)
      actionpack (>= 4.0)
      activesupport (>= 4.0)
      sprockets (>= 3.0.0)
    sqlite3 (1.4.1)
    thor (0.20.3)
    thread_safe (0.3.6)
    tilt (2.0.10)
    truncate_html (0.9.3)
    turbolinks (5.2.1)
      turbolinks-source (~> 5.2)
    turbolinks-source (5.2.0)
    tzinfo (1.2.5)
      thread_safe (~> 0.1)
    uglifier (4.1.20)
      execjs (>= 0.3.0, < 3)
    unicode-display_width (1.6.0)
    uniform_notifier (1.12.1)
    warden (1.2.8)
      rack (>= 2.0.6)
    warden-jwt_auth (0.4.0)
      dry-auto_inject (~> 0.6)
      dry-configurable (~> 0.8)
      jwt (~> 2.1)
      warden (~> 1.2)
    web-console (3.7.0)
      actionview (>= 5.0)
      activemodel (>= 5.0)
      bindex (>= 0.4.0)
      railties (>= 5.0)
    websocket-driver (0.7.1)
      websocket-extensions (>= 0.1.0)
    websocket-extensions (0.1.4)
    xpath (3.2.0)
      nokogiri (~> 1.8)

PLATFORMS
  ruby

DEPENDENCIES
  awesome_print
  bootsnap (>= 1.1.0)
  bootstrap3-rails
  brakeman
  bullet
  byebug
  capybara (>= 2.15)
  chromedriver-helper
  coffee-rails (~> 4.2)
  database_cleaner
  devise
  devise-jwt
  factory_bot_rails
  faker
  ffaker
  foreman
  friendly_id
  jbuilder (~> 2.5)
  jquery-rails
  listen (>= 3.0.5, < 3.2)
  meta_tags
  nokogiri
  omniauth-facebook
  omniauth-instagram
  pry-byebug
  pry-rails
  puma (~> 3.11)
  rails (~> 5.2.3)
  rails-erd
  rails_best_practices
  responders
  rspec-rails
  rubocop
  sass-rails (~> 5.0)
  selenium-webdriver
  shoulda
  simple_form
  simplecov
  spring
  spring-watcher-listen (~> 2.0.0)
  sqlite3
  turbolinks (~> 5)
  tzinfo-data
  uglifier (>= 1.3.0)
  web-console (>= 3.3.0)

RUBY VERSION
   ruby 2.7.0p-1

BUNDLED WITH
   2.1.0.pre.1
